NUGET
  remote: https://nuget.org/api/v2
  specs:
    FunScript (1.1.87)
    FunScript.TypeScript.Binding.lib (1.1.0.37)
    FunScript.TypeScript.Binding.three (1.1.0.37)
      FunScript.TypeScript.Binding.lib (>= 1.1.0.37)
