NUGET
  remote: https://nuget.org/api/v2
  specs:
    Fuchu (0.4.0.0)
    Nancy (0.23.2)
    Nancy.Hosting.Self (0.23.2)
      Nancy (>= 0.23.2)
