NUGET
  remote: https://nuget.org/api/v2
  specs:
    FsUnit (1.3.0.1)
      NUnit (>= 2.6.3)
    Fuchu (0.4.0.0)
    NUnit (2.6.3)
