NUGET
  remote: https://www.nuget.org/api/v2
  specs:
    FSharp.Compiler.Service (0.0.76)
